GEM
  remote: https://rubygems.org/
  specs:
    google-protobuf (3.11.2)
    google-protobuf (3.11.2-x64-mingw32)
    multi_json (1.13.1)
    mustermann (2.0.2)
      ruby2_keywords (~> 0.0.1)
    rack (2.2.4)
    rack-protection (2.2.3)
      rack
    ruby2_keywords (0.0.5)
    sequel (5.28.0)
    sinatra (2.2.3)
      mustermann (~> 2.0)
      rack (~> 2.2)
      rack-protection (= 2.2.3)
      tilt (~> 2.0)
    sinatra-contrib (2.2.3)
      multi_json
      mustermann (~> 2.0)
      rack-protection (= 2.2.3)
      sinatra (= 2.2.3)
      tilt (~> 2.0)
    sqlite3 (1.4.2)
    tilt (2.0.11)

PLATFORMS
  ruby
  x64-mingw32

DEPENDENCIES
  google-protobuf
  sequel
  sinatra
  sinatra-contrib
  sqlite3

BUNDLED WITH
   2.0.2
