GEM
  remote: https://rubygems.org/
  specs:
    backports (3.11.4)
    google-protobuf (3.19.2)
    google-protobuf (3.19.2-x64-mingw32)
    multi_json (1.13.1)
    mustermann (1.0.3)
    rack (2.0.6)
    rack-protection (2.0.5)
      rack
    sequel (5.28.0)
    sinatra (2.0.5)
      mustermann (~> 1.0)
      rack (~> 2.0)
      rack-protection (= 2.0.5)
      tilt (~> 2.0)
    sinatra-contrib (2.0.5)
      backports (>= 2.8.2)
      multi_json
      mustermann (~> 1.0)
      rack-protection (= 2.0.5)
      sinatra (= 2.0.5)
      tilt (>= 1.3, < 3)
    sqlite3 (1.4.2)
    tilt (2.0.9)

PLATFORMS
  ruby
  x64-mingw32

DEPENDENCIES
  google-protobuf
  sequel
  sinatra
  sinatra-contrib
  sqlite3

BUNDLED WITH
   2.0.2
