GEM
  remote: https://rubygems.org/
  specs:
    ffi (1.15.5)
    ffi (1.15.5-x64-mingw32)
    google-protobuf (3.19.6)
    google-protobuf (3.19.6-x64-mingw32)
    hashie (5.0.0)
    listen (3.8.0)
      rb-fsevent (~> 0.10, >= 0.10.3)
      rb-inotify (~> 0.9, >= 0.9.10)
    multi_json (1.15.0)
    mustermann (2.0.2)
      ruby2_keywords (~> 0.0.1)
    oauth (1.1.0)
      oauth-tty (~> 1.0, >= 1.0.1)
      snaky_hash (~> 2.0)
      version_gem (~> 1.1)
    oauth-tty (1.0.5)
      version_gem (~> 1.1, >= 1.1.1)
    omniauth (2.0.0)
      hashie (>= 3.4.6)
      rack (>= 1.6.2, < 3)
      rack-protection
    omniauth-oauth (1.2.0)
      oauth
      omniauth (>= 1.0, < 3)
    omniauth-openid (2.0.1)
      omniauth (>= 1.0, < 3.0)
      rack-openid (~> 1.4.0)
    omniauth-twitter (1.4.0)
      omniauth-oauth (~> 1.1)
      rack
    rack (2.2.6.2)
    rack-openid (1.4.2)
      rack (>= 1.1.0)
      ruby-openid (>= 2.1.8)
    rack-protection (2.2.3)
      rack
    rb-fsevent (0.11.2)
    rb-inotify (0.10.1)
      ffi (~> 1.0)
    rerun (0.13.0)
      listen (~> 3.0)
    ruby-openid (2.9.2)
    ruby2_keywords (0.0.5)
    sequel (5.34.0)
    sinatra (2.2.3)
      mustermann (~> 2.0)
      rack (~> 2.2)
      rack-protection (= 2.2.3)
      tilt (~> 2.0)
    sinatra-contrib (2.2.3)
      multi_json
      mustermann (~> 2.0)
      rack-protection (= 2.2.3)
      sinatra (= 2.2.3)
      tilt (~> 2.0)
    snaky_hash (2.0.1)
      hashie
      version_gem (~> 1.1, >= 1.1.1)
    sqlite3 (1.4.2)
    tilt (2.1.0)
    version_gem (1.1.1)

PLATFORMS
  ruby
  x64-mingw32

DEPENDENCIES
  google-protobuf
  omniauth
  omniauth-openid
  omniauth-twitter
  rerun
  ruby-openid
  sequel
  sinatra
  sinatra-contrib
  sqlite3

BUNDLED WITH
   2.1.4
