GEM
  remote: https://rubygems.org/
  specs:
    racc (1.6.0)

PLATFORMS
  ruby

DEPENDENCIES
  racc

BUNDLED WITH
   2.2.15
